GEM
  remote: https://rubygems.org/
  specs:
    brakeman (6.1.2)
      racc
    racc (1.4.16)

PLATFORMS
  arm64-darwin-22
  x86_64-linux

DEPENDENCIES
  brakeman (= 6.1.2)

BUNDLED WITH
   2.4.10
