GEM
  remote: https://rubygems.org/
  specs:
    brakeman (6.1.0)

PLATFORMS
  arm64-darwin-22
  x86_64-linux

DEPENDENCIES
  brakeman (= 6.1.0)

BUNDLED WITH
   2.4.10
